GEM
  remote: https://rubygems.org/
  specs:
    activesupport (4.1.4)
      i18n (~> 0.6, >= 0.6.9)
      json (~> 1.7, >= 1.7.7)
      minitest (~> 5.1)
      thread_safe (~> 0.1)
      tzinfo (~> 1.1)
    algorithms (0.6.1)
    algorithms (0.6.1-java)
    i18n (0.6.9)
    json (1.8.1)
    json (1.8.1-java)
    minitest (5.3.5)
    thread_safe (0.3.4)
    thread_safe (0.3.4-java)
    tzinfo (1.2.1)
      thread_safe (~> 0.1)

PLATFORMS
  java
  ruby

DEPENDENCIES
  activesupport
  algorithms
